GEM
  remote: https://rubygems.org/
  specs:
    activesupport (6.1.4)
      concurrent-ruby (~> 1.0, >= 1.0.2)
      i18n (>= 1.6, < 2)
      minitest (>= 5.1)
      tzinfo (~> 2.0)
      zeitwerk (~> 2.3)
    celluloid (0.18.0)
      timers (~> 4)
    celluloid-io (0.17.3)
      celluloid (>= 0.17.2)
      nio4r (>= 1.1)
      timers (>= 4.1.1)
    concurrent-ruby (1.1.9)
    dotenv (2.7.6)
    faraday (1.4.3)
      faraday-em_http (~> 1.0)
      faraday-em_synchrony (~> 1.0)
      faraday-excon (~> 1.1)
      faraday-net_http (~> 1.0)
      faraday-net_http_persistent (~> 1.1)
      multipart-post (>= 1.2, < 3)
      ruby2_keywords (>= 0.0.4)
    faraday-em_http (1.0.0)
    faraday-em_synchrony (1.0.0)
    faraday-excon (1.1.0)
    faraday-net_http (1.0.1)
    faraday-net_http_persistent (1.1.0)
    faraday_middleware (1.0.0)
      faraday (~> 1.0)
    gli (2.20.1)
    hashie (4.1.0)
    i18n (1.8.10)
      concurrent-ruby (~> 1.0)
    minitest (5.14.4)
    multipart-post (2.1.1)
    nio4r (2.5.7)
    puma (5.3.2)
      nio4r (~> 2.0)
    ruby2_keywords (0.0.4)
    slack-ruby-bot (0.16.1)
      activesupport
      hashie
      slack-ruby-client (>= 0.14.0)
    slack-ruby-client (0.17.0)
      faraday (>= 1.0)
      faraday_middleware
      gli
      hashie
      websocket-driver
    timers (4.3.3)
    tzinfo (2.0.4)
      concurrent-ruby (~> 1.0)
    websocket-driver (0.7.5)
      websocket-extensions (>= 0.1.0)
    websocket-extensions (0.1.5)
    zeitwerk (2.4.2)

PLATFORMS
  x86_64-linux

DEPENDENCIES
  celluloid-io (~> 0.17.3)
  dotenv (~> 2.7, >= 2.7.6)
  puma (~> 5.3, >= 5.3.2)
  slack-ruby-bot (~> 0.16.1)

BUNDLED WITH
   2.2.16
